GEM
  specs:
    awesome_print (1.8.0)
    coderay (1.1.2)
    faraday (0.14.0)
      multipart-post (>= 1.2, < 3)
    method_source (0.9.0)
    multipart-post (2.0.0)
    oj (3.5.0)
    ougai (1.6.5)
      oj (~> 3.4)
    pry (0.11.3)
      coderay (~> 1.1.0)
      method_source (~> 0.9.0)
    stripe (2.12.0)
      faraday (~> 0.9)

PLATFORMS
  ruby

DEPENDENCIES
  awesome_print
  ougai
  pry
  stripe

BUNDLED WITH
   1.16.1
